GEM
  remote: http://rubygems.org/
  specs:
    bson (1.3.1)
    bson_ext (1.3.1)
    copy (0.1.2)
      redcarpet
      sinatra (~> 1.2.6)
    mongo (1.3.1)
      bson (>= 1.3.1)
    rack (1.2.2)
    redcarpet (1.14.2)
    sinatra (1.2.6)
      rack (~> 1.1)
      tilt (>= 1.2.2, < 2.0)
    tilt (1.3)

PLATFORMS
  ruby

DEPENDENCIES
  bson_ext
  copy
  mongo
