GEM
  remote: http://rubygems.org/
  specs:
    copy (0.0.1)
      redcarpet
      sinatra (~> 1.2.6)
    rack (1.2.2)
    redcarpet (1.13.2)
    sinatra (1.2.6)
      rack (~> 1.1)
      tilt (>= 1.2.2, < 2.0)
    tilt (1.3)

PLATFORMS
  ruby

DEPENDENCIES
  copy (= 0.0.1)
